GIT
  remote: git://github.com/europeana/europeana-blacklight.git
  revision: c493b070994a3fcedebab4c7e5462cc564d75c34
  ref: c493b07
  specs:
    europeana-blacklight (0.1.0)
      blacklight (>= 5.12.0, < 6.0.0)
      europeana-api (~> 0.3.2)
      kaminari

GIT
  remote: git://github.com/europeana/europeana-styleguide-ruby.git
  revision: 611a926a5eafe869ebd21672259e0150d761a1cb
  ref: 611a926a5e
  specs:
    europeana-styleguide (0.0.1)
      mustache (~> 1.0.1)
      stache (~> 1.1.1)

GIT
  remote: git://github.com/madebymany/sir-trevor-rails.git
  revision: 6838d9ba734a74176f4418c89b5641904b3acbb7
  specs:
    sir_trevor_rails (0.5.0b1)
      rails
      redcarpet (>= 2.0.1, < 4)
      twitter-text (~> 1.4)

GIT
  remote: git://github.com/rwd/europeana-api-client-ruby.git
  revision: f5d0f6f25da8e22cb9a021248eb0cbff9db67835
  branch: master
  specs:
    europeana-api (0.3.2)
      activesupport (>= 3.0)
      multi_json (~> 1.0)

GIT
  remote: git://github.com/rwd/stache.git
  revision: d1408f18d14c1d1697e522a397d2c7bbb38bdd93
  ref: d1408f1
  specs:
    stache (1.1.1)

GIT
  remote: git://github.com/sul-dlss/spotlight.git
  revision: 4624e2aba9a4dfcae80d5878b2969314b13fad8a
  specs:
    blacklight-spotlight (0.4.1)
      acts-as-taggable-on (~> 3.5)
      autoprefixer-rails
      blacklight (~> 5.13)
      blacklight-gallery
      blacklight-oembed (>= 0.0.3)
      bootstrap_form (~> 2.2)
      breadcrumbs_on_rails (~> 2.3.0)
      cancancan
      carrierwave
      carrierwave-crop
      devise (~> 3.0)
      faraday
      faraday_middleware
      friendly_id (~> 5.1.0)
      github-markup
      google-api-client
      legato
      lodash-rails
      mail_form (~> 1.5, >= 1.5.1)
      mini_magick
      nokogiri
      oauth2
      paper_trail (~> 4.0.0.beta)
      rails (~> 4.0, >= 4.2.0)
      roar-rails
      sir_trevor_rails (>= 0.5.0a)
      social-share-button (~> 0.1.5)
      tophat
      underscore-rails (~> 1.6)

GEM
  remote: https://rubygems.org/
  specs:
    actionmailer (4.2.1)
      actionpack (= 4.2.1)
      actionview (= 4.2.1)
      activejob (= 4.2.1)
      mail (~> 2.5, >= 2.5.4)
      rails-dom-testing (~> 1.0, >= 1.0.5)
    actionpack (4.2.1)
      actionview (= 4.2.1)
      activesupport (= 4.2.1)
      rack (~> 1.6)
      rack-test (~> 0.6.2)
      rails-dom-testing (~> 1.0, >= 1.0.5)
      rails-html-sanitizer (~> 1.0, >= 1.0.1)
    actionview (4.2.1)
      activesupport (= 4.2.1)
      builder (~> 3.1)
      erubis (~> 2.7.0)
      rails-dom-testing (~> 1.0, >= 1.0.5)
      rails-html-sanitizer (~> 1.0, >= 1.0.1)
    activejob (4.2.1)
      activesupport (= 4.2.1)
      globalid (>= 0.3.0)
    activemodel (4.2.1)
      activesupport (= 4.2.1)
      builder (~> 3.1)
    activerecord (4.2.1)
      activemodel (= 4.2.1)
      activesupport (= 4.2.1)
      arel (~> 6.0)
    activesupport (4.2.1)
      i18n (~> 0.7)
      json (~> 1.7, >= 1.7.7)
      minitest (~> 5.1)
      thread_safe (~> 0.3, >= 0.3.4)
      tzinfo (~> 1.1)
    acts-as-taggable-on (3.5.0)
      activerecord (>= 3.2, < 5)
    addressable (2.3.8)
    arel (6.0.0)
    ast (2.0.0)
    astrolabe (1.3.0)
      parser (>= 2.2.0.pre.3, < 3.0)
    autoparse (0.3.3)
      addressable (>= 2.3.1)
      extlib (>= 0.9.15)
      multi_json (>= 1.0.0)
    autoprefixer-rails (5.1.11)
      execjs
      json
    bcrypt (3.1.10)
    binding_of_caller (0.7.2)
      debug_inspector (>= 0.0.1)
    blacklight (5.13.1)
      bootstrap-sass (~> 3.2)
      deprecation
      kaminari (>= 0.15)
      nokogiri (~> 1.6)
      rails (>= 3.2.6, < 5)
      rsolr (~> 1.0.11)
    blacklight-gallery (0.4.0)
      blacklight (~> 5.12)
      bootstrap-sass (~> 3.0)
      openseadragon (>= 0.2.0)
      rails
    blacklight-oembed (0.0.4)
      blacklight (~> 5.0)
      bootstrap-sass (~> 3.0)
      rails
      ruby-oembed
    bootstrap-sass (3.3.4.1)
      autoprefixer-rails (>= 5.0.0.1)
      sass (>= 3.2.19)
    bootstrap_form (2.3.0)
    brakeman (3.0.3)
      erubis (~> 2.6)
      fastercsv (~> 1.5)
      haml (>= 3.0, < 5.0)
      highline (~> 1.6.20)
      multi_json (~> 1.2)
      ruby2ruby (~> 2.1.1)
      ruby_parser (~> 3.6.2)
      sass (~> 3.0)
      terminal-table (~> 1.4)
    breadcrumbs_on_rails (2.3.0)
    builder (3.2.2)
    cancancan (1.10.1)
    capybara (2.4.4)
      mime-types (>= 1.16)
      nokogiri (>= 1.3.3)
      rack (>= 1.0.0)
      rack-test (>= 0.5.4)
      xpath (~> 2.0)
    carrierwave (0.10.0)
      activemodel (>= 3.2.0)
      activesupport (>= 3.2.0)
      json (>= 1.7)
      mime-types (>= 1.16)
    carrierwave-crop (0.1.2)
      carrierwave (>= 0.8.0, < 0.11.0)
      jquery-rails
      rails (>= 3.2)
    cliver (0.3.2)
    code_analyzer (0.4.5)
      sexp_processor
    coffee-rails (4.0.1)
      coffee-script (>= 2.2.0)
      railties (>= 4.0.0, < 5.0)
    coffee-script (2.4.1)
      coffee-script-source
      execjs
    coffee-script-source (1.9.1.1)
    colored (1.2)
    crack (0.4.2)
      safe_yaml (~> 1.0.0)
    debug_inspector (0.0.2)
    deprecation (0.2.2)
      activesupport
    devise (3.4.1)
      bcrypt (~> 3.0)
      orm_adapter (~> 0.1)
      railties (>= 3.2.6, < 5)
      responders
      thread_safe (~> 0.1)
      warden (~> 1.2.3)
    devise-guests (0.3.3)
      devise
    diff-lcs (1.2.5)
    diffy (3.0.7)
    docile (1.1.5)
    domain_name (0.5.24)
      unf (>= 0.0.5, < 1.0.0)
    dotenv (1.0.2)
    dotenv-rails (1.0.2)
      dotenv (= 1.0.2)
    erubis (2.7.0)
    eventmachine (1.0.7)
    execjs (2.5.2)
    extlib (0.9.16)
    faraday (0.9.1)
      multipart-post (>= 1.2, < 3)
    faraday_middleware (0.9.1)
      faraday (>= 0.7.4, < 0.10)
    fastercsv (1.5.5)
    friendly_id (5.1.0)
      activerecord (>= 4.0.0)
    github-markup (1.3.3)
    gli (2.13.0)
    globalid (0.3.5)
      activesupport (>= 4.1.0)
    google-api-client (0.8.6)
      activesupport (>= 3.2)
      addressable (~> 2.3)
      autoparse (~> 0.3)
      extlib (~> 0.9)
      faraday (~> 0.9)
      googleauth (~> 0.3)
      launchy (~> 2.4)
      multi_json (~> 1.10)
      retriable (~> 1.4)
      signet (~> 0.6)
    googleauth (0.4.1)
      faraday (~> 0.9)
      jwt (~> 1.4)
      logging (~> 2.0)
      memoist (~> 0.12)
      multi_json (= 1.11)
      signet (~> 0.6)
    haml (4.0.6)
      tilt
    highline (1.6.21)
    hike (1.2.3)
    http-cookie (1.0.2)
      domain_name (~> 0.5)
    i18n (0.7.0)
    jbuilder (2.2.13)
      activesupport (>= 3.0.0, < 5)
      multi_json (~> 1.2)
    jquery-rails (4.0.3)
      rails-dom-testing (~> 1.0)
      railties (>= 4.2.0)
      thor (>= 0.14, < 2.0)
    json (1.8.2)
    jwt (1.5.0)
    kaminari (0.16.3)
      actionpack (>= 3.0.0)
      activesupport (>= 3.0.0)
    launchy (2.4.3)
      addressable (~> 2.3)
    legato (0.4.0)
      multi_json
    little-plugger (1.1.3)
    localeapp (0.9.3)
      gli
      i18n
      json
      rack
      rest-client
      ya2yaml
    lodash-rails (3.9.3)
      railties (>= 3.1)
    logging (2.0.0)
      little-plugger (~> 1.1)
      multi_json (~> 1.10)
    loofah (2.0.2)
      nokogiri (>= 1.5.9)
    mail (2.6.3)
      mime-types (>= 1.16, < 3)
    mail_form (1.5.1)
      actionmailer (>= 3.2, < 5)
      activemodel (>= 3.2, < 5)
    memoist (0.12.0)
    mime-types (2.5)
    mini_magick (4.2.7)
    mini_portile (0.6.2)
    minitest (5.6.1)
    multi_json (1.11.0)
    multi_xml (0.5.5)
    multipart-post (2.0.0)
    mustache (1.0.1)
    mysql2 (0.3.18)
    netrc (0.10.3)
    nokogiri (1.6.6.2)
      mini_portile (~> 0.6.0)
    oauth2 (1.0.0)
      faraday (>= 0.8, < 0.10)
      jwt (~> 1.0)
      multi_json (~> 1.3)
      multi_xml (~> 0.5)
      rack (~> 1.2)
    openseadragon (0.2.0)
      rails (> 3.2.0)
    orm_adapter (0.5.0)
    paper_trail (4.0.0.rc1)
      activerecord (>= 3.0, < 6.0)
      activesupport (>= 3.0, < 6.0)
      request_store (~> 1.1.0)
    parser (2.2.2.2)
      ast (>= 1.1, < 3.0)
    phantomjs (1.9.8.0)
    poltergeist (1.6.0)
      capybara (~> 2.1)
      cliver (~> 0.3.1)
      multi_json (~> 1.0)
      websocket-driver (>= 0.2.0)
    powerpack (0.1.1)
    puma (2.11.2)
      rack (>= 1.1, < 2.0)
    rack (1.6.1)
    rack-test (0.6.3)
      rack (>= 1.0)
    rails (4.2.1)
      actionmailer (= 4.2.1)
      actionpack (= 4.2.1)
      actionview (= 4.2.1)
      activejob (= 4.2.1)
      activemodel (= 4.2.1)
      activerecord (= 4.2.1)
      activesupport (= 4.2.1)
      bundler (>= 1.3.0, < 2.0)
      railties (= 4.2.1)
      sprockets-rails
    rails-deprecated_sanitizer (1.0.3)
      activesupport (>= 4.2.0.alpha)
    rails-dom-testing (1.0.6)
      activesupport (>= 4.2.0.beta, < 5.0)
      nokogiri (~> 1.6.0)
      rails-deprecated_sanitizer (>= 1.0.1)
    rails-html-sanitizer (1.0.2)
      loofah (~> 2.0)
    rails_12factor (0.0.3)
      rails_serve_static_assets
      rails_stdout_logging
    rails_best_practices (1.15.7)
      activesupport
      code_analyzer (>= 0.4.3)
      colored
      erubis
      i18n
      json
      require_all
      ruby-progressbar
    rails_serve_static_assets (0.0.4)
    rails_stdout_logging (0.0.3)
    railties (4.2.1)
      actionpack (= 4.2.1)
      activesupport (= 4.2.1)
      rake (>= 0.8.7)
      thor (>= 0.18.1, < 2.0)
    rainbow (2.0.0)
    rake (10.4.2)
    rdoc (4.2.0)
    redcarpet (3.2.3)
    redis (3.2.1)
    redis-actionpack (4.0.0)
      actionpack (~> 4)
      redis-rack (~> 1.5.0)
      redis-store (~> 1.1.0)
    redis-activesupport (4.0.0)
      activesupport (~> 4)
      redis-store (~> 1.1.0)
    redis-rack (1.5.0)
      rack (~> 1.5)
      redis-store (~> 1.1.0)
    redis-rails (4.0.0)
      redis-actionpack (~> 4)
      redis-activesupport (~> 4)
      redis-store (~> 1.1.0)
    redis-store (1.1.4)
      redis (>= 2.2)
    representable (2.2.2)
      multi_json
      nokogiri
      uber (~> 0.0.7)
    request_store (1.1.0)
    require_all (1.3.2)
    responders (2.1.0)
      railties (>= 4.2.0, < 5)
    rest-client (1.8.0)
      http-cookie (>= 1.0.2, < 2.0)
      mime-types (>= 1.16, < 3.0)
      netrc (~> 0.7)
    retriable (1.4.1)
    roar (1.0.1)
      representable (>= 2.0.1, <= 3.0.0)
    roar-rails (1.0.1)
      actionpack
      railties (>= 3.0.0)
      responders
      roar (>= 1.0.0, <= 1.1.0)
      test_xml (>= 0.1.6)
      uber (>= 0.0.5)
    rsolr (1.0.12)
      builder (>= 2.1.2)
    rspec-core (3.2.3)
      rspec-support (~> 3.2.0)
    rspec-expectations (3.2.1)
      diff-lcs (>= 1.2.0, < 2.0)
      rspec-support (~> 3.2.0)
    rspec-mocks (3.2.1)
      diff-lcs (>= 1.2.0, < 2.0)
      rspec-support (~> 3.2.0)
    rspec-rails (3.2.1)
      actionpack (>= 3.0, < 4.3)
      activesupport (>= 3.0, < 4.3)
      railties (>= 3.0, < 4.3)
      rspec-core (~> 3.2.0)
      rspec-expectations (~> 3.2.0)
      rspec-mocks (~> 3.2.0)
      rspec-support (~> 3.2.0)
    rspec-support (3.2.2)
    rubocop (0.29.1)
      astrolabe (~> 1.3)
      parser (>= 2.2.0.1, < 3.0)
      powerpack (~> 0.1)
      rainbow (>= 1.99.1, < 3.0)
      ruby-progressbar (~> 1.4)
    ruby-oembed (0.8.14)
    ruby-progressbar (1.7.5)
    ruby2ruby (2.1.4)
      ruby_parser (~> 3.1)
      sexp_processor (~> 4.0)
    ruby_parser (3.6.6)
      sexp_processor (~> 4.1)
    safe_yaml (1.0.4)
    sass (3.2.19)
    sass-rails (4.0.5)
      railties (>= 4.0.0, < 5.0)
      sass (~> 3.2.2)
      sprockets (~> 2.8, < 3.0)
      sprockets-rails (~> 2.0)
    sdoc (0.4.1)
      json (~> 1.7, >= 1.7.7)
      rdoc (~> 4.0)
    sexp_processor (4.5.1)
    signet (0.6.0)
      addressable (~> 2.3)
      extlib (~> 0.9)
      faraday (~> 0.9)
      jwt (~> 1.0)
      multi_json (~> 1.10)
    simplecov (0.10.0)
      docile (~> 1.1.0)
      json (~> 1.8)
      simplecov-html (~> 0.10.0)
    simplecov-html (0.10.0)
    social-share-button (0.1.8)
      coffee-rails
      sass-rails
    spring (1.3.6)
    sprockets (2.12.3)
      hike (~> 1.2)
      multi_json (~> 1.0)
      rack (~> 1.0)
      tilt (~> 1.1, != 1.3.0)
    sprockets-rails (2.2.4)
      actionpack (>= 3.0)
      activesupport (>= 3.0)
      sprockets (>= 2.8, < 4.0)
    terminal-table (1.4.5)
    test_xml (0.1.7)
      diffy (~> 3.0)
      nokogiri (>= 1.3.2)
    thor (0.19.1)
    thread_safe (0.3.5)
    tilt (1.4.1)
    tophat (2.2.0)
      actionpack (>= 3.0.0)
    turbolinks (2.5.3)
      coffee-rails
    twitter-text (1.12.0)
      unf (~> 0.1.0)
    tzinfo (1.2.2)
      thread_safe (~> 0.1)
    uber (0.0.13)
    uglifier (2.7.1)
      execjs (>= 0.3.0)
      json (>= 1.8.0)
    underscore-rails (1.8.2)
    unf (0.1.4)
      unf_ext
    unf_ext (0.0.7.1)
    warden (1.2.3)
      rack (>= 1.0)
    web-console (2.1.2)
      activemodel (>= 4.0)
      binding_of_caller (>= 0.7.2)
      railties (>= 4.0)
      sprockets-rails (>= 2.0, < 4.0)
    webmock (1.21.0)
      addressable (>= 2.3.6)
      crack (>= 0.3.2)
    websocket-driver (0.5.4)
      websocket-extensions (>= 0.1.0)
    websocket-extensions (0.1.2)
    xpath (2.0.0)
      nokogiri (~> 1.3)
    ya2yaml (0.31)

PLATFORMS
  ruby

DEPENDENCIES
  blacklight (~> 5.13.1)
  blacklight-gallery (>= 0.3.0)
  blacklight-oembed
  blacklight-spotlight!
  brakeman
  capybara (~> 2.4.0)
  devise
  devise-guests (~> 0.3)
  dotenv-rails (~> 1.0.2)
  europeana-api!
  europeana-blacklight!
  europeana-styleguide!
  eventmachine (~> 1.0.6)
  friendly_id
  jbuilder (~> 2.0)
  jquery-rails
  localeapp (~> 0.9.0)
  mysql2
  phantomjs
  poltergeist
  puma (~> 2.11.0)
  rails (= 4.2.1)
  rails_12factor (~> 0.0.3)
  rails_best_practices
  redis-rails (~> 4.0)
  rspec-rails (~> 3.0)
  rubocop (~> 0.29.1)
  sass-rails (~> 4.0.3)
  sdoc (~> 0.4.0)
  simplecov
  sir_trevor_rails!
  social-share-button
  spring (~> 1.3.6)
  stache!
  turbolinks
  uglifier (>= 1.3.0)
  web-console (~> 2.0)
  webmock (~> 1.21.0)
